GEM
  remote: https://rubygems.org/
  specs:
    crypt19 (1.2.1)
    fast-aes (0.1.1)

PLATFORMS
  ruby

DEPENDENCIES
  crypt19
  fast-aes
