GEM
  remote: https://rubygems.org/
  specs:
    crypt19 (1.2.1)
    fast-aes (0.1.1)
    fattr (2.2.1)
    highline (1.6.13)
    options (2.3.0)
      fattr
    progress_bar (0.4.0)
      highline (~> 1.6.1)
      options (~> 2.3.0)

PLATFORMS
  ruby

DEPENDENCIES
  crypt19
  fast-aes
  progress_bar
